PATH
  remote: .
  specs:
    perb (0.4.0)
      rb_sys (~> 0.9.53)
      syntax_tree (~> 5.2)

GEM
  remote: https://rubygems.org/
  specs:
    ast (2.4.2)
    debug (1.7.1)
    json (2.6.3)
    language_server-protocol (3.17.0.2)
    minitest (5.16.3)
    parallel (1.22.1)
    parser (3.2.0.0)
      ast (~> 2.4.1)
    prettier_print (1.2.0)
    rainbow (3.1.1)
    rake (13.0.6)
    rake-compiler (1.2.1)
      rake
    rb_sys (0.9.56)
    regexp_parser (2.6.1)
    rexml (3.2.5)
    rubocop (1.42.0)
      json (~> 2.3)
      parallel (~> 1.10)
      parser (>= 3.1.2.1)
      rainbow (>= 2.2.2, < 4.0)
      regexp_parser (>= 1.8, < 3.0)
      rexml (>= 3.2.5, < 4.0)
      rubocop-ast (>= 1.24.1, < 2.0)
      ruby-progressbar (~> 1.7)
      unicode-display_width (>= 1.4.0, < 3.0)
    rubocop-ast (1.24.1)
      parser (>= 3.1.1.0)
    ruby-lsp (0.3.8)
      language_server-protocol (~> 3.17.0)
      sorbet-runtime
      syntax_tree (>= 5.0.0, < 6)
    ruby-progressbar (1.11.0)
    sorbet-runtime (0.5.10595)
    syntax_tree (5.2.0)
      prettier_print (>= 1.2.0)
    unicode-display_width (2.3.0)

PLATFORMS
  ruby

DEPENDENCIES
  debug
  minitest (~> 5.0)
  perb!
  rake (~> 13.0)
  rake-compiler (~> 1.2.0)
  rubocop (~> 1.21)
  ruby-lsp

BUNDLED WITH
   2.3.26
